GEM
  remote: https://rubygems.org/
  specs:
    excon (0.39.5)
    heroku-api (0.3.19)
      excon (~> 0.38)
      multi_json (~> 1.8)
    json (1.8.1)
    mime-types (2.2)
    multi_json (1.10.1)
    newrelic_rpm (3.8.0.218)
    rack (1.5.2)
    rack-protection (1.5.3)
      rack
    rest-client (1.6.7)
      mime-types (>= 1.16)
    sinatra (1.4.5)
      rack (~> 1.4)
      rack-protection (~> 1.4)
      tilt (~> 1.3, >= 1.3.4)
    tilt (1.4.1)

PLATFORMS
  ruby

DEPENDENCIES
  heroku-api
  json
  newrelic_rpm
  rest-client
  sinatra
