GIT
  remote: git://github.com/sinatra/sinatra.git
  revision: 67af4c283014de3d6dfa6b30ef7b7be7520b7117
  specs:
    sinatra (1.4.5)
      rack (~> 1.4)
      rack-protection (~> 1.4)
      tilt (~> 1.3, >= 1.3.4)

GEM
  remote: https://rubygems.org/
  specs:
    json (1.8.1)
    mime-types (2.2)
    newrelic_rpm (3.8.0.218)
    rack (1.5.2)
    rack-protection (1.5.3)
      rack
    rest-client (1.6.7)
      mime-types (>= 1.16)
    tilt (1.4.1)

PLATFORMS
  ruby

DEPENDENCIES
  json
  newrelic_rpm
  rest-client
  sinatra!
