GIT
  remote: git://github.com/sinatra/sinatra.git
  revision: 6e59749f193eecc28b32363d11f1b9b7d7abc788
  specs:
    sinatra (1.4.5)
      rack (~> 1.4)
      rack-protection (~> 1.4)
      tilt (>= 1.3, < 3)

GEM
  remote: https://rubygems.org/
  specs:
    excon (0.39.5)
    heroku-api (0.3.19)
      excon (~> 0.38)
      multi_json (~> 1.8)
    json (1.8.1)
    mail (2.6.3)
      mime-types (>= 1.16, < 3)
    mime-types (2.2)
    multi_json (1.10.1)
    newrelic_rpm (3.8.0.218)
    pony (1.11)
      mail (>= 2.0)
    rack (1.5.2)
    rack-protection (1.5.3)
      rack
    rest-client (1.6.7)
      mime-types (>= 1.16)
    tilt (2.0.1)

PLATFORMS
  ruby

DEPENDENCIES
  heroku-api
  json
  newrelic_rpm
  pony
  rest-client
  sinatra!
